GEM
  specs:

GEM
  remote: https://rubygems.org/
  specs:
    citrus (3.0.2)
    coderay (1.1.3)
    ed25519 (1.2.4)
    method_source (1.0.0)
    pry (0.14.1)
      coderay (~> 1.1)
      method_source (~> 1.0)
    rake (13.0.6)
    ssh_data (1.2.0)
    toml-rb (2.1.0)
      citrus (~> 3.0, > 3.0)

PLATFORMS
  x86_64-linux

DEPENDENCIES
  ed25519!
  pry!
  rake!
  ssh_data!
  toml-rb!

BUNDLED WITH
   2.2.24
