GIT
  remote: https://github.com/bensie/sshkey
  revision: b7762f36f29c0a79234e4f87ca13cb0379290a80
  ref: b7762f36f29c0a79234e4f87ca13cb0379290a80
  specs:
    sshkey (2.0.0)

GEM
  specs:

GEM
  remote: https://rubygems.org/
  specs:
    citrus (3.0.2)
    rake (13.0.3)
    toml-rb (2.0.1)
      citrus (~> 3.0, > 3.0)

PLATFORMS
  ruby

DEPENDENCIES
  rake!
  sshkey!
  toml-rb!

BUNDLED WITH
   2.2.24
