GEM
  specs:

GEM
  remote: https://rubygems.org/
  specs:
    citrus (3.0.2)
    ed25519 (1.2.4)
    rake (13.0.6)
    toml-rb (2.1.0)
      citrus (~> 3.0, > 3.0)

PLATFORMS
  x86_64-linux

DEPENDENCIES
  ed25519!
  rake!
  toml-rb!

BUNDLED WITH
   2.2.24
