GIT
  remote: https://github.com/bensie/sshkey
  revision: 6fd399213edd8611c1e540064d42d16b5e712782
  ref: 6fd399213edd8611c1e540064d42d16b5e712782
  specs:
    sshkey (2.0.0)

GEM
  specs:

GEM
  remote: https://rubygems.org/
  specs:
    citrus (3.0.2)
    rake (13.0.6)
    toml-rb (2.1.0)
      citrus (~> 3.0, > 3.0)

PLATFORMS
  x86_64-linux

DEPENDENCIES
  rake!
  sshkey!
  toml-rb!

BUNDLED WITH
   2.2.24
